GIT
  remote: http://github.com/sanger/lims-api.git
  revision: 2d3bd76c5a930d5d2f0645770dff837c344562b4
  branch: master
  specs:
    lims-api (2.4.0)
      active_support
      bunny (= 0.9.0.pre10)
      json
      sequel
      state_machine

GIT
  remote: http://github.com/sanger/lims-core.git
  revision: e97b060910df42ef1be3c2094612ad5f5827474e
  branch: development
  specs:
    lims-core (2.3.0.1.0)
      active_support
      aequitas
      bunny (= 0.9.0.pre10)
      dm-validations
      facets (= 2.9.3)
      sequel
      state_machine
      uuid
      virtus (= 0.2.0)

GIT
  remote: http://github.com/sanger/lims-laboratory-app.git
  revision: 9b8ed2328eaa74d6b8f0051a06f1eedd0d40b3b6
  branch: development
  specs:
    lims-laboratory-app (1.9.1)

GIT
  remote: http://github.com/sanger/psd_logger.git
  revision: dd2d634114df75b1d8535715c169a7fc99521389
  specs:
    psd_logger (0.1.6)

GIT
  remote: https://github.com/sanger/lims-management-app.git
  revision: ee3e8970f022d583f8597492154c58536ad12f93
  branch: development
  specs:
    lims-management-app (1.7.0)
      bunny (= 0.9.0.pre10)
      json

PATH
  remote: .
  specs:
    sequencescape-to-s2 (0.1.0)
      aequitas
      facets
      sequel
      virtus

GEM
  remote: http://www.rubygems.org/
  specs:
    active_support (3.0.0)
      activesupport (= 3.0.0)
    activesupport (3.0.0)
    addressable (2.3.5)
    aequitas (0.0.2)
    amq-protocol (1.6.0)
    bond (0.4.3)
    bunny (0.9.0.pre10)
      amq-protocol (>= 1.4.0)
    columnize (0.3.6)
    debugger (1.6.0)
      columnize (>= 0.3.1)
      debugger-linecache (~> 1.2.0)
      debugger-ruby_core_source (~> 1.2.1)
    debugger-completion (1.0.0)
      bond (>= 0.4.2)
      debugger (~> 1.1)
    debugger-linecache (1.2.0)
    debugger-ruby_core_source (1.2.2)
    diff-lcs (1.1.3)
    dm-core (1.2.1)
      addressable (~> 2.3)
    dm-validations (1.2.0)
      dm-core (~> 1.2.0)
    facets (2.9.3)
    json (1.8.0)
    macaddr (1.6.1)
      systemu (~> 2.5.0)
    mysql2 (0.3.13)
    rack (1.5.2)
    rake (10.0.4)
    rspec (2.8.0)
      rspec-core (~> 2.8.0)
      rspec-expectations (~> 2.8.0)
      rspec-mocks (~> 2.8.0)
    rspec-core (2.8.0)
    rspec-expectations (2.8.0)
      diff-lcs (~> 1.1.2)
    rspec-mocks (2.8.0)
    sequel (3.48.0)
    shotgun (0.9)
      rack (>= 1.0)
    state_machine (1.2.0)
    systemu (2.5.2)
    uuid (2.3.7)
      macaddr (~> 1.0)
    virtus (0.2.0)
    yard (0.8.6.1)
    yard-rspec (0.1)
      yard

PLATFORMS
  ruby

DEPENDENCIES
  debugger
  debugger-completion
  lims-api (~> 2.4)!
  lims-core (~> 2.3)!
  lims-laboratory-app (~> 1.9)!
  lims-management-app (~> 1.7)!
  mysql2
  psd_logger!
  rake
  rspec (~> 2.8.0)
  sequencescape-to-s2!
  shotgun
  yard (>= 0.7.0)
  yard-rspec (= 0.1)
